GEM
  remote: http://rubygems.org/
  specs:
    colorize (0.5.8)
    diff-lcs (1.1.3)
    highline (1.6.15)
    macaddr (1.6.1)
      systemu (~> 2.5.0)
    net-scp (1.0.4)
      net-ssh (>= 1.99.1)
    net-ssh (2.6.1)
    parallel (0.5.19)
    rake (0.9.2.2)
    rspec (2.12.0)
      rspec-core (~> 2.12.0)
      rspec-expectations (~> 2.12.0)
      rspec-mocks (~> 2.12.0)
    rspec-core (2.12.0)
    rspec-expectations (2.12.0)
      diff-lcs (~> 1.1.3)
    rspec-mocks (2.12.0)
    systemu (2.5.2)
    uuid (2.3.5)
      macaddr (~> 1.0)

PLATFORMS
  ruby

DEPENDENCIES
  colorize (= 0.5.8)
  highline (= 1.6.15)
  net-scp (= 1.0.4)
  net-ssh (= 2.6.1)
  parallel (= 0.5.19)
  rake (= 0.9.2.2)
  rspec (= 2.12.0)
  rspec-mocks (= 2.12.0)
  uuid (= 2.3.5)
