GEM
  remote: http://rubygems.org/
  specs:
    diff-lcs (1.1.3)
    net-ssh (2.6.1)
    rspec (2.12.0)
      rspec-core (~> 2.12.0)
      rspec-expectations (~> 2.12.0)
      rspec-mocks (~> 2.12.0)
    rspec-core (2.12.0)
    rspec-expectations (2.12.0)
      diff-lcs (~> 1.1.3)
    rspec-mocks (2.12.0)

PLATFORMS
  ruby

DEPENDENCIES
  net-ssh (= 2.6.1)
  rspec (= 2.12.0)
  rspec-mocks (= 2.12.0)
