GEM
  specs:
    net-ssh (2.6.1)

PLATFORMS
  ruby

DEPENDENCIES
  net-ssh (= 2.6.1)
